GEM
  remote: https://rubygems.org/
  specs:
    diff-lcs (1.5.0)
    language_server-protocol (3.17.0.3)
    prism (0.15.1)
    rspec-core (3.12.2)
      rspec-support (~> 3.12.0)
    rspec-expectations (3.12.3)
      diff-lcs (>= 1.2.0, < 2.0)
      rspec-support (~> 3.12.0)
    rspec-support (3.12.1)
    ruby-lsp (0.12.0)
      language_server-protocol (~> 3.17.0)
      prism (>= 0.15.1, < 0.16)
      sorbet-runtime (>= 0.5.5685)
    rufo (0.16.2)
    sorbet-runtime (0.5.11088)

PLATFORMS
  x86_64-linux

DEPENDENCIES
  rspec-core
  rspec-expectations
  ruby-lsp
  rufo

BUNDLED WITH
   2.2.22
